GEM
  remote: https://rubygems.org/
  specs:
    mqtt (0.2.0)

PLATFORMS
  ruby

DEPENDENCIES
  mqtt
